GEM
  remote: https://rubygems.org/
  specs:
    as-notifications (1.0.1)
    i18n (0.7.0)
    multi_json (1.12.1)
    webmachine (1.4.0)
      as-notifications (~> 1.0)
      i18n (>= 0.4.0)
      multi_json

PLATFORMS
  ruby

DEPENDENCIES
  webmachine

BUNDLED WITH
   1.12.5
